GEM
  remote: https://rubygems.org/
  specs:
    sinatra (1.4.7)

PLATFORMS
  ruby

DEPENDENCIES
  sinatra

BUNDLED WITH
   1.13.7
